GIT
  remote: git://github.com/jgillis01/gru.git
  revision: 2cf074a5f8b48024dc3b9eb70ceea1c15159fed9
  specs:
    gru (0.0.1)
      redis (> 0.0)

GEM
  remote: http://rubygems.org/
  specs:
    addressable (2.3.8)
    ast (2.0.0)
    astrolabe (1.3.0)
      parser (>= 2.2.0.pre.3, < 3.0)
    awesome_print (1.6.1)
    builder (3.2.2)
    coderay (1.1.0)
    descendants_tracker (0.0.4)
      thread_safe (~> 0.3, >= 0.3.1)
    diff-lcs (1.2.5)
    docile (1.1.5)
    faraday (0.9.1)
      multipart-post (>= 1.2, < 3)
    git (1.2.9.1)
    github_api (0.12.3)
      addressable (~> 2.3)
      descendants_tracker (~> 0.0.4)
      faraday (~> 0.8, < 0.10)
      hashie (>= 3.3)
      multi_json (>= 1.7.5, < 2.0)
      nokogiri (~> 1.6.3)
      oauth2
    hashie (3.4.1)
    highline (1.7.2)
    jeweler (2.0.1)
      builder
      bundler (>= 1.0)
      git (>= 1.2.5)
      github_api
      highline (>= 1.6.15)
      nokogiri (>= 1.5.10)
      rake
      rdoc
    json (1.8.2)
    jwt (1.5.0)
    method_source (0.8.2)
    mini_portile (0.6.2)
    mono_logger (1.1.0)
    multi_json (1.11.0)
    multi_xml (0.5.5)
    multipart-post (2.0.0)
    nokogiri (1.6.6.2)
      mini_portile (~> 0.6.0)
    oauth2 (1.0.0)
      faraday (>= 0.8, < 0.10)
      jwt (~> 1.0)
      multi_json (~> 1.3)
      multi_xml (~> 0.5)
      rack (~> 1.2)
    parser (2.2.2.2)
      ast (>= 1.1, < 3.0)
    powerpack (0.1.1)
    pry (0.9.12.6)
      coderay (~> 1.0)
      method_source (~> 0.8)
      slop (~> 3.4)
    rack (1.6.1)
    rack-protection (1.5.3)
      rack
    rainbow (2.0.0)
    rake (10.4.2)
    rdoc (3.12.2)
      json (~> 1.4)
    redis (3.2.1)
    redis-namespace (1.5.2)
      redis (~> 3.0, >= 3.0.4)
    resque (1.25.2)
      mono_logger (~> 1.0)
      multi_json (~> 1.0)
      redis-namespace (~> 1.3)
      sinatra (>= 0.9.2)
      vegas (~> 0.1.2)
    resque-pool (0.5.0)
      rake
      resque (~> 1.22)
      trollop (~> 2.0)
    rspec (3.1.0)
      rspec-core (~> 3.1.0)
      rspec-expectations (~> 3.1.0)
      rspec-mocks (~> 3.1.0)
    rspec-core (3.1.7)
      rspec-support (~> 3.1.0)
    rspec-expectations (3.1.2)
      diff-lcs (>= 1.2.0, < 2.0)
      rspec-support (~> 3.1.0)
    rspec-mocks (3.1.3)
      rspec-support (~> 3.1.0)
    rspec-support (3.1.2)
    rubocop (0.31.0)
      astrolabe (~> 1.3)
      parser (>= 2.2.2.1, < 3.0)
      powerpack (~> 0.1)
      rainbow (>= 1.99.1, < 3.0)
      ruby-progressbar (~> 1.4)
    ruby-progressbar (1.7.5)
    simplecov (0.10.0)
      docile (~> 1.1.0)
      json (~> 1.8)
      simplecov-html (~> 0.10.0)
    simplecov-html (0.10.0)
    sinatra (1.4.6)
      rack (~> 1.4)
      rack-protection (~> 1.4)
      tilt (>= 1.3, < 3)
    slop (3.5.0)
    thread_safe (0.3.5)
    tilt (2.0.1)
    trollop (2.1.2)
    vegas (0.1.11)
      rack (>= 1.0.0)

PLATFORMS
  ruby

DEPENDENCIES
  awesome_print
  bundler (~> 1.0)
  gru!
  jeweler (~> 2.0.1)
  pry
  rake
  rdoc (~> 3.12)
  resque (~> 1.22)
  resque-pool (~> 0.5.0)
  rspec (~> 3.1.0)
  rubocop (~> 0.31)
  simplecov
  trollop (~> 2.0)
